GEM
  remote: https://rubygems.org/
  specs:
    algorithm (0.0.0)
    algorithms (1.0.1)
    language_server-protocol (3.17.0.4)
    logger (1.7.0)
    prism (1.4.0)
    rbs (3.9.2)
      logger
    ruby-lsp (0.23.14)
      language_server-protocol (~> 3.17.0)
      prism (>= 1.2, < 2.0)
      rbs (>= 3, < 4)
      sorbet-runtime (>= 0.5.10782)
    sorbet-runtime (0.5.12008)
    stackprof (0.2.27)

PLATFORMS
  ruby
  x86_64-linux

DEPENDENCIES
  algorithm (~> 0.0.0)
  algorithms (~> 1.0)
  ruby-lsp (~> 0.23.14)
  stackprof (~> 0.2.27)

BUNDLED WITH
   2.6.0
