GEM
  remote: https://rubygems.org/
  specs:
    algorithm (0.0.0)
    algorithms (1.0.1)
    stackprof (0.2.27)

PLATFORMS
  ruby
  x86_64-linux

DEPENDENCIES
  algorithm (~> 0.0.0)
  algorithms (~> 1.0)
  stackprof (~> 0.2.27)

BUNDLED WITH
   2.6.0
